PATH
  remote: .
  specs:
    actionview-remote-forms-helper (1.0.0)

GEM
  remote: https://rubygems.org/
  specs:
    minitest (5.25.4)
    rake (13.2.1)

PLATFORMS
  ruby
  x86_64-linux

DEPENDENCIES
  actionview-remote-forms-helper!
  minitest (~> 5.16)
  rake (~> 13.0)

BUNDLED WITH
   2.5.22
